GEM
  remote: https://rubygems.org/
  specs:
    addressable (2.5.2)
      public_suffix (>= 2.0.2, < 4.0)
    colorator (1.1.0)
    contentful (2.8.0)
      http (> 0.8, < 3.0)
      multi_json (~> 1)
    domain_name (0.5.20180417)
      unf (>= 0.0.5, < 1.0.0)
    ffi (1.9.14)
    forwardable-extended (2.6.0)
    hash-joiner (0.0.7)
      safe_yaml
    http (2.2.2)
      addressable (~> 2.3)
      http-cookie (~> 1.0)
      http-form_data (~> 1.0.1)
      http_parser.rb (~> 0.6.0)
    http-cookie (1.0.3)
      domain_name (~> 0.5)
    http-form_data (1.0.3)
    http_parser.rb (0.6.0)
    jekyll (3.2.1)
      colorator (~> 1.0)
      jekyll-sass-converter (~> 1.0)
      jekyll-watch (~> 1.1)
      kramdown (~> 1.3)
      liquid (~> 3.0)
      mercenary (~> 0.3.3)
      pathutil (~> 0.9)
      rouge (~> 1.7)
      safe_yaml (~> 1.0)
    jekyll-contentful-data-import (1.6.0)
      contentful (~> 2.1)
      jekyll (>= 2.5.0, < 4)
    jekyll-multiple-languages-plugin (1.5.1)
      jekyll (>= 2.0, < 4.0)
    jekyll-sass-converter (1.4.0)
      sass (~> 3.4)
    jekyll-watch (1.5.0)
      listen (~> 3.0, < 3.1)
    kramdown (1.12.0)
    liquid (3.0.6)
    listen (3.0.8)
      rb-fsevent (~> 0.9, >= 0.9.4)
      rb-inotify (~> 0.9, >= 0.9.7)
    mercenary (0.3.6)
    minima (1.1.0)
    multi_json (1.13.1)
    pathutil (0.14.0)
      forwardable-extended (~> 2.6)
    public_suffix (3.0.2)
    rb-fsevent (0.9.7)
    rb-inotify (0.9.7)
      ffi (>= 0.5.0)
    rouge (1.11.1)
    safe_yaml (1.0.4)
    sass (3.4.22)
    unf (0.1.4)
      unf_ext
    unf_ext (0.0.7.5)

PLATFORMS
  ruby

DEPENDENCIES
  hash-joiner (~> 0.0.7)
  jekyll (= 3.2.1)
  jekyll-contentful-data-import
  jekyll-multiple-languages-plugin (~> 1.5, >= 1.5.1)
  minima
  sass

RUBY VERSION
   ruby 2.5.1p57

BUNDLED WITH
   1.16.1
